GEM
  remote: https://rubygems.org/
  specs:
    builder (3.2.2)
    faraday (0.9.2)
      multipart-post (>= 1.2, < 3)
    git-version-bump (0.15.1)
    jwt (1.5.6)
    multipart-post (2.0.0)
    rack (1.6.4)
    rack-contrib (1.4.0)
      git-version-bump (~> 0.15)
      rack (~> 1.4)
    rack-protection (1.5.3)
      rack
    sinatra (1.4.7)
      rack (~> 1.5)
      rack-protection (~> 1.4)
      tilt (>= 1.3, < 3)
    tilt (2.0.4)
    twilio-ruby (5.0.0.rc17)
      builder (>= 2.1.2)
      faraday (~> 0.9)
      jwt (~> 1.0)

PLATFORMS
  ruby

DEPENDENCIES
  rack-contrib
  sinatra
  twilio-ruby (~> 5.0.0.rc17)

BUNDLED WITH
   1.10.6
